GEM
  remote: http://rubygems.org/
  specs:
    POpen4 (0.1.4)
      Platform (>= 0.4.0)
      open4
    Platform (0.4.0)
    SystemTimer (1.2.3)
    abstract (1.0.0)
    actionmailer (2.3.14)
      actionpack (= 2.3.14)
    actionpack (2.3.14)
      activesupport (= 2.3.14)
      rack (~> 1.1.0)
    activerecord (2.3.14)
      activesupport (= 2.3.14)
    activeresource (2.3.14)
      activesupport (= 2.3.14)
    activesupport (2.3.14)
    acts_as_audited (1.1.1)
      activerecord (>= 2.1)
    acts_as_flying_saucer (1.0.2)
      nailgun
      tidy_ffi
    after_commit (1.0.10)
      activerecord (>= 1.15.6, < 3.0.0)
    bounce-email (0.0.1)
    breadcrumbs_on_rails (1.0.1)
    builder (3.0.0)
    cancan (1.4.0)
    cgi_multipart_eof_fix (2.5.0)
    chronic (0.6.6)
    cocaine (0.2.0)
    coderay (0.9.8)
    columnize (0.3.5)
    crack (0.1.6)
    curb (0.7.16)
    daemon_controller (0.2.6)
    daemons (1.1.4)
    devise (1.0.11)
      warden (~> 0.10.3)
    erubis (2.6.6)
      abstract (>= 1.0.0)
    eventmachine (0.12.10)
    ezcrypto (0.7.2)
    fastercsv (1.5.4)
    fastthread (1.0.7)
    feedzirra (0.0.23)
      activesupport (>= 2.0.0)
      builder (>= 2.1.2)
      curb (>= 0.2.3)
      loofah (>= 0.3.1)
      nokogiri (> 0.0.0)
      sax-machine (>= 0.0.12)
    ffi (1.0.11)
    flexible_csv (0.2.3)
      fastercsv (>= 1.2.3)
    gem_plugin (0.2.3)
    google-spreadsheet-ruby (0.1.5)
      nokogiri (>= 1.4.3.1)
      oauth (>= 0.3.6)
    hiredis (0.3.2)
    httparty (0.5.2)
      crack (= 0.1.6)
    httpclient (2.2.4)
    i18n (0.4.0)
    jammit (0.6.5)
      yui-compressor (>= 0.9.3)
    jrails (0.6.0)
    json (1.6.3)
    linecache (0.46)
      rbx-require-relative (> 0.0.4)
    liquid (2.3.0)
    loofah (1.2.0)
      nokogiri (>= 1.4.4)
    mail (2.2.1)
      activesupport (>= 2.3.4)
      mime-types
      treetop (>= 1.4.5)
    method_source (0.6.7)
      ruby_parser (>= 2.3.1)
    mime-types (1.17.2)
    mongrel (1.1.5)
      cgi_multipart_eof_fix (>= 2.4)
      daemons (>= 1.0.3)
      fastthread (>= 1.0.1)
      gem_plugin (>= 0.2.3)
    multi_json (1.0.4)
    nailgun (0.0.1)
    nest (1.1.0)
      redis (~> 2.1)
    nokogiri (1.5.0)
    oauth (0.4.5)
    ohm (0.1.3)
      nest (~> 1.0)
    open4 (1.3.0)
    paperclip (2.3.16)
      activerecord (>= 2.3.0)
      activesupport (>= 2.3.2)
      cocaine (>= 0.0.2)
      mime-types
    passenger (3.0.11)
      daemon_controller (>= 0.2.5)
      fastthread (>= 1.0.1)
      rack
      rake (>= 0.8.1)
    pdfkit (0.5.2)
    pg (0.9.0)
    polyglot (0.3.3)
    postgres_sequence_support (0.1.0)
    prawn (0.6.3)
      prawn-core (>= 0.6.3, < 0.7)
      prawn-format (>= 0.2.3, < 0.3)
      prawn-layout (>= 0.3.2, < 0.4)
      prawn-security (>= 0.1.1, < 0.2)
    prawn-core (0.6.3)
    prawn-format (0.2.3)
      prawn-core
    prawn-layout (0.3.2)
    prawn-security (0.1.1)
    pry (0.9.7.4)
      coderay (~> 0.9.8)
      method_source (~> 0.6.7)
      ruby_parser (>= 2.3.1)
      slop (~> 2.1.0)
    rack (1.1.3)
    rails (2.3.14)
      actionmailer (= 2.3.14)
      actionpack (= 2.3.14)
      activerecord (= 2.3.14)
      activeresource (= 2.3.14)
      activesupport (= 2.3.14)
      rake (>= 0.8.3)
    rake (0.9.2.2)
    rbx-require-relative (0.0.5)
    ready_for_i18n (0.3.0)
      ya2yaml (>= 0.26)
    redis (2.2.2)
    redis-namespace (1.0.3)
      redis (< 3.0.0)
    responds_to_parent (1.0.20091013)
    resque (1.19.0)
      multi_json (~> 1.0)
      redis-namespace (~> 1.0.2)
      sinatra (>= 0.9.2)
      vegas (~> 0.1.2)
    riddle (1.4.0)
    roo (1.9.2)
    ruby-debug (0.10.4)
      columnize (>= 0.1)
      ruby-debug-base (~> 0.10.4.0)
    ruby-debug-base (0.10.4)
      linecache (>= 0.3)
    ruby-debug-ide (0.4.16)
      rake (>= 0.8.1)
    ruby-ole (1.2.11.2)
    ruby_parser (2.3.1)
      sexp_processor (~> 3.0)
    rubyzip (0.9.5)
    sax-machine (0.1.0)
      nokogiri (> 0.0.0)
    sexp_processor (3.0.9)
    sinatra (1.0)
      rack (>= 1.0)
    slop (2.1.0)
    soap4r (1.5.8)
      httpclient (>= 2.1.1)
    spreadsheet (0.6.5.9)
      ruby-ole (>= 1.0)
    thin (1.3.1)
      daemons (>= 1.0.9)
      eventmachine (>= 0.12.6)
      rack (>= 1.0.0)
    thinking-sphinx (1.3.18)
      activerecord (>= 1.15.6)
      after_commit (>= 1.0.6)
      riddle (>= 1.0.10)
    tidy_ffi (0.1.3)
      ffi (>= 0.3.5)
    treetop (1.4.10)
      polyglot
      polyglot (>= 0.3.1)
    vegas (0.1.8)
      rack (>= 1.0.0)
    warden (0.10.7)
      rack (>= 1.0.0)
    whenever (0.4.1)
      chronic (>= 0.2.3)
    will_paginate (2.3.16)
    wirble (0.1.3)
    ya2yaml (0.30)
    yui-compressor (0.9.6)
      POpen4 (>= 0.1.4)

PLATFORMS
  ruby

DEPENDENCIES
  SystemTimer
  acts_as_audited
  acts_as_flying_saucer (~> 1.0.0)
  bounce-email
  breadcrumbs_on_rails (= 1.0.1)
  cancan (= 1.4.0)
  devise (= 1.0.11)
  erubis (= 2.6.6)
  ezcrypto
  fastercsv
  feedzirra
  flexible_csv
  google-spreadsheet-ruby
  hiredis (~> 0.3.1)
  httparty (= 0.5.2)
  i18n (= 0.4.0)
  jammit
  jrails
  json
  liquid
  mail (= 2.2.1)
  mongrel
  nailgun
  nokogiri
  ohm
  paperclip
  passenger
  pdfkit
  pg (= 0.9.0)
  postgres_sequence_support
  prawn (= 0.6.3)
  pry
  rails (= 2.3.14)
  ready_for_i18n
  redis (~> 2.2.0)
  responds_to_parent
  resque
  roo (= 1.9.2)
  ruby-debug
  ruby-debug-ide
  rubyzip
  soap4r
  spreadsheet
  thin
  thinking-sphinx (= 1.3.18)
  tidy_ffi
  warden
  whenever (= 0.4.1)
  will_paginate (~> 2.3.16)
  wirble
